GEM
  remote: https://rubygems.org/
  specs:
    coderay (1.1.3)
    json (2.6.3)
    method_source (1.0.0)
    pry (0.14.2)
      coderay (~> 1.1)
      method_source (~> 1.0)
    webrick (1.8.1)

PLATFORMS
  arm64-darwin-21
  arm64-darwin-23

DEPENDENCIES
  json
  pry (~> 0.14.2)
  webrick

BUNDLED WITH
   2.4.19
